PATH
  remote: .
  specs:
    project-health (0.0.3)
      activesupport (~> 3.2.8)
      hirb (~> 0.7)
      octokit (~> 1.0)

GEM
  remote: https://rubygems.org/
  specs:
    activesupport (3.2.9)
      i18n (~> 0.6)
      multi_json (~> 1.0)
    addressable (2.3.2)
    coderay (1.0.6)
    faraday (0.8.4)
      multipart-post (~> 1.1)
    faraday_middleware (0.9.0)
      faraday (>= 0.7.4, < 0.9)
    hashie (1.2.0)
    hirb (0.7.0)
    i18n (0.6.1)
    method_source (0.7.1)
    multi_json (1.3.7)
    multipart-post (1.1.5)
    octokit (1.18.0)
      addressable (~> 2.2)
      faraday (~> 0.8)
      faraday_middleware (~> 0.8)
      hashie (~> 1.2)
      multi_json (~> 1.3)
    pry (0.9.9.6)
      coderay (~> 1.0.5)
      method_source (~> 0.7.1)
      slop (>= 2.4.4, < 3)
    slop (2.4.4)

PLATFORMS
  ruby

DEPENDENCIES
  project-health!
  pry
